GEM
  remote: http://rubygems.org/
  specs:
    activemodel (3.2.12)
      activesupport (= 3.2.12)
      builder (~> 3.0.0)
    activesupport (3.2.12)
      i18n (~> 0.6)
      multi_json (~> 1.0)
    bson (1.8.5)
    bson_ext (1.8.5)
      bson (~> 1.8.5)
    builder (3.0.4)
    daemons (1.1.9)
    eventmachine (1.0.3)
    haml (4.0.2)
      tilt
    i18n (0.6.4)
    mail (2.5.3)
      i18n (>= 0.4.0)
      mime-types (~> 1.16)
      treetop (~> 1.4.8)
    mime-types (1.22)
    mongo (1.8.5)
      bson (~> 1.8.5)
    mongoid (3.1.3)
      activemodel (~> 3.2)
      moped (~> 1.4.2)
      origin (~> 1.0)
      tzinfo (~> 0.3.22)
    moped (1.4.5)
    multi_json (1.7.2)
    origin (1.0.11)
    polyglot (0.3.3)
    rack (1.5.2)
    rack-contrib (1.1.0)
      rack (>= 0.9.1)
    rack-protection (1.5.0)
      rack
    rake (10.0.4)
    sinatra (1.4.2)
      rack (~> 1.5, >= 1.5.2)
      rack-protection (~> 1.4)
      tilt (~> 1.3, >= 1.3.4)
    thin (1.5.1)
      daemons (>= 1.0.9)
      eventmachine (>= 0.12.6)
      rack (>= 1.0.0)
    tilt (1.3.7)
    treetop (1.4.12)
      polyglot
      polyglot (>= 0.3.1)
    tzinfo (0.3.37)

PLATFORMS
  ruby

DEPENDENCIES
  bson_ext
  haml
  mail
  mongo
  mongoid
  rack-contrib
  rake
  sinatra
  thin
